GEM
  remote: https://rubygems.org/
  specs:
    json (1.8.1)
    mime-types (2.4.3)
    oauth (0.4.7)
    rack (1.5.2)
    rack-protection (1.5.3)
      rack
    sinatra (1.4.5)
      rack (~> 1.4)
      rack-protection (~> 1.4)
      tilt (~> 1.3, >= 1.3.4)
    tilt (1.4.1)
    twitter_oauth (0.4.94)
      json (>= 1.8.0)
      mime-types (>= 1.16)
      oauth (>= 0.4.7)

PLATFORMS
  ruby

DEPENDENCIES
  sinatra
  twitter_oauth
